GEM
  remote: https://rubygems.org/
  specs:
    coderay (1.1.2)
    empyrean (0.1.1)
    ffi (1.9.25-java)
    method_source (0.9.0)
    pry (0.11.3)
      coderay (~> 1.1.0)
      method_source (~> 0.9.0)
    pry (0.11.3-java)
      coderay (~> 1.1.0)
      method_source (~> 0.9.0)
      spoon (~> 0.0)
    spoon (0.0.6)
      ffi

PLATFORMS
  java
  ruby
  universal-java-1.8

DEPENDENCIES
  empyrean (= 0.1.1)
  pry

BUNDLED WITH
   2.0.0.dev
